GEM
  remote: http://rubygems.org/
  specs:
    addressable (2.2.4)
    allison (2.0.3)
    diff-lcs (1.1.2)
    djatoka (0.0.12)
      addressable
      hashie
      json
      trollop
    echoe (4.6.1)
      allison (>= 2.0.3)
      gemcutter (>= 0.7.0)
      rake (>= 0.9.2)
      rdoc (>= 3.6.1)
      rubyforge (>= 2.0.4)
    exifr (1.0.6)
    ffi (1.0.9)
    gemcutter (0.7.0)
    hashie (1.1.0)
    json (1.5.3)
    json_pure (1.5.3)
    libxml-ruby (2.2.1)
    libxslt-ruby (1.0.6)
      libxml-ruby (>= 2.2.0)
    nokogiri (1.5.0)
    polyglot (0.3.2)
    rack (1.3.2)
    rack-test (0.6.1)
      rack (>= 1.0)
    rake (0.9.2)
    rdf (0.3.3)
      addressable (= 2.2.4)
    rdf-json (0.3.0)
      json_pure (>= 1.4.2)
      rdf (~> 0.3.0)
    rdf-n3 (0.3.4.1)
      rdf (>= 0.3.3)
    rdf-raptor (0.4.1)
      ffi (>= 1.0)
      rdf (~> 0.3.0)
    rdf-rdfxml (0.3.4)
      nokogiri (>= 1.4.4)
      rdf (>= 0.3.3)
    rdoc (3.9.3)
    rspec (2.6.0)
      rspec-core (~> 2.6.0)
      rspec-expectations (~> 2.6.0)
      rspec-mocks (~> 2.6.0)
    rspec-core (2.6.4)
    rspec-expectations (2.6.0)
      diff-lcs (~> 1.1.2)
    rspec-mocks (2.6.0)
    rubyforge (2.0.4)
      json_pure (>= 1.1.7)
    sinatra (1.2.6)
      rack (~> 1.1)
      tilt (>= 1.2.2, < 2.0)
    sparql (0.0.1)
      treetop (>= 1.2.4)
    sparql-grammar (0.0.3)
      rdf (>= 0.3.0)
    sxp (0.0.14)
      json (>= 1.5.1)
    tilt (1.3.3)
    treetop (1.4.10)
      polyglot
      polyglot (>= 0.3.1)
    trollop (1.16.2)
    webrat (0.7.3)
      nokogiri (>= 1.2.0)
      rack (>= 1.0)
      rack-test (>= 0.5.3)

PLATFORMS
  ruby

DEPENDENCIES
  djatoka
  echoe
  exifr
  libxml-ruby
  libxslt-ruby
  rack-test
  rake
  rdf
  rdf-json
  rdf-n3
  rdf-raptor
  rdf-rdfxml
  rspec
  sinatra
  sparql
  sparql-grammar
  sxp
  webrat
